PATH
  remote: .
  specs:
    radsh (0.1.0)
      methadone (~> 1.9.5)

GEM
  remote: https://rubygems.org/
  specs:
    aruba (0.14.2)
      childprocess (~> 0.5.6)
      contracts (~> 0.9)
      cucumber (>= 1.3.19)
      ffi (~> 1.9.10)
      rspec-expectations (>= 2.99)
      thor (~> 0.19)
    builder (3.2.3)
    childprocess (0.5.9)
      ffi (~> 1.0, >= 1.0.11)
    contracts (0.15.0)
    cucumber (2.4.0)
      builder (>= 2.1.2)
      cucumber-core (~> 1.5.0)
      cucumber-wire (~> 0.0.1)
      diff-lcs (>= 1.1.3)
      gherkin (~> 4.0)
      multi_json (>= 1.7.5, < 2.0)
      multi_test (>= 0.1.2)
    cucumber-core (1.5.0)
      gherkin (~> 4.0)
    cucumber-wire (0.0.1)
    diff-lcs (1.3)
    ffi (1.9.18)
    gherkin (4.1.1)
    methadone (1.9.5)
      bundler
    multi_json (1.12.1)
    multi_test (0.1.2)
    rake (10.5.0)
    rdoc (5.1.0)
    rspec-expectations (3.5.0)
      diff-lcs (>= 1.2.0, < 2.0)
      rspec-support (~> 3.5.0)
    rspec-support (3.5.0)
    thor (0.19.4)

PLATFORMS
  ruby

DEPENDENCIES
  aruba
  bundler (~> 1.14)
  radsh!
  rake (~> 10.0)
  rdoc

BUNDLED WITH
   1.14.6
